GEM
  remote: http://rubygems.org/
  specs:
    diff-lcs (1.1.2)
    json (1.6.1-java)
    patron (0.4.16)
    rspec (2.3.0)
      rspec-core (~> 2.3.0)
      rspec-expectations (~> 2.3.0)
      rspec-mocks (~> 2.3.0)
    rspec-core (2.3.1)
    rspec-expectations (2.3.0)
      diff-lcs (~> 1.1.2)
    rspec-mocks (2.3.0)
    yajl-ruby (0.8.1)

PLATFORMS
  java
  ruby

DEPENDENCIES
  json
  patron
  rspec
  yajl-ruby
